GEM
  remote: http://rubygems.org/
  specs:
    atomic (1.1.14)
    daemon_controller (1.1.7)
    memoizable (0.2.0)
      thread_safe (~> 0.1.3)
    redis (3.0.6)
    riot (0.12.7)
      rr
    rr (1.1.2)
    thread_safe (0.1.3)
      atomic

PLATFORMS
  ruby

DEPENDENCIES
  daemon_controller
  memoizable
  redis
  riot
